GEM
  remote: https://rubygems.org/
  specs:
    rack (1.6.4)
    rack-protection (1.5.3)
      rack
    rmagick (2.16.0)
    shotgun (0.9.1)
      rack (>= 1.0)
    sinatra (1.4.7)
      rack (~> 1.5)
      rack-protection (~> 1.4)
      tilt (>= 1.3, < 3)
    tilt (2.0.5)

PLATFORMS
  ruby

DEPENDENCIES
  rmagick
  shotgun (~> 0.9.1)
  sinatra (~> 1.4)

RUBY VERSION
   ruby 2.3.1p112

BUNDLED WITH
   1.12.5
